GEM
  remote: https://rubygems.org/
  specs:
    builder (3.2.2)
    crass (1.0.2)
    dotenv (2.0.2)
    google_directions (0.1.6.2)
      nokogiri (>= 1.4.1)
    googlestaticmap (1.2.2)
    jwt (1.5.1)
    mini_portile (0.6.2)
    multi_json (1.11.2)
    mustermann (2.0.2)
      ruby2_keywords (~> 0.0.1)
    nokogiri (1.6.6.2)
      mini_portile (~> 0.6.0)
    nokogumbo (1.4.1)
      nokogiri
    polylines (0.3.0)
    rack (2.2.4)
    rack-protection (2.2.3)
      rack
    ruby2_keywords (0.0.5)
    sanitize (4.0.0)
      crass (~> 1.0.2)
      nokogiri (>= 1.4.4)
      nokogumbo (= 1.4.1)
    sinatra (2.2.3)
      mustermann (~> 2.0)
      rack (~> 2.2)
      rack-protection (= 2.2.3)
      tilt (~> 2.0)
    tilt (2.0.11)
    twilio-ruby (4.2.1)
      builder (>= 2.1.2)
      jwt (~> 1.0)
      multi_json (>= 1.3.0)

PLATFORMS
  ruby

DEPENDENCIES
  dotenv
  google_directions
  googlestaticmap
  nokogiri
  polylines
  sanitize
  sinatra
  twilio-ruby
