GEM
  remote: https://rubygems.org/
  specs:
    builder (3.2.2)
    crass (1.0.2)
    dotenv (2.0.2)
    google_directions (0.1.6.2)
      nokogiri (>= 1.4.1)
    googlestaticmap (1.2.2)
    jwt (1.5.1)
    mini_portile2 (2.8.0)
    multi_json (1.11.2)
    nokogiri (1.13.4)
      mini_portile2 (~> 2.8.0)
      racc (~> 1.4)
    nokogumbo (1.4.1)
      nokogiri
    polylines (0.3.0)
    racc (1.6.0)
    rack (1.6.4)
    rack-protection (1.5.3)
      rack
    sanitize (4.0.0)
      crass (~> 1.0.2)
      nokogiri (>= 1.4.4)
      nokogumbo (= 1.4.1)
    sinatra (1.4.6)
      rack (~> 1.4)
      rack-protection (~> 1.4)
      tilt (>= 1.3, < 3)
    tilt (2.0.1)
    twilio-ruby (4.2.1)
      builder (>= 2.1.2)
      jwt (~> 1.0)
      multi_json (>= 1.3.0)

PLATFORMS
  ruby

DEPENDENCIES
  dotenv
  google_directions
  googlestaticmap
  nokogiri
  polylines
  sanitize
  sinatra
  twilio-ruby
